PATH
  remote: .
  specs:
    puppet-magnum (4.1.0)
      beaker-hostgenerator (~> 1.1.5)
      bundler (>= 1.16.1)
      puppet (~> 4.10.9)
      puppet-lint (~> 2.3.3)
      puppetlabs_spec_helper (~> 2.6.1)
      rspec (~> 3.7.0)
      rspec-puppet (~> 2.6.9)
      thor (>= 0.20.0)
      version (>= 1.1.1)

GEM
  remote: https://rubygems.org/
  specs:
    beaker-hostgenerator (1.1.5)
      deep_merge (~> 1.0)
      stringify-hash (~> 0.0.0)
    deep_merge (1.2.1)
    diff-lcs (1.3)
    facter (2.5.1)
    fast_gettext (1.1.2)
    gettext (3.2.6)
      locale (>= 2.0.5)
      text (>= 1.3.0)
    gettext-setup (0.29)
      fast_gettext (~> 1.1.0)
      gettext (>= 3.0.2)
      locale
    hiera (3.4.2)
    json_pure (1.8.6)
    locale (2.1.2)
    metaclass (0.0.4)
    mocha (1.3.0)
      metaclass (~> 0.0.1)
    puppet (4.10.9)
      facter (> 2.0, < 4)
      gettext-setup (>= 0.10, < 1)
      hiera (>= 2.0, < 4)
      json_pure (~> 1.8)
      locale (~> 2.1)
    puppet-lint (2.3.3)
    puppet-syntax (2.4.1)
      rake
    puppetlabs_spec_helper (2.6.1)
      mocha (~> 1.0)
      puppet-lint (~> 2.0)
      puppet-syntax (~> 2.0)
      rspec-puppet (~> 2.0)
    rake (12.3.0)
    rspec (3.7.0)
      rspec-core (~> 3.7.0)
      rspec-expectations (~> 3.7.0)
      rspec-mocks (~> 3.7.0)
    rspec-core (3.7.1)
      rspec-support (~> 3.7.0)
    rspec-expectations (3.7.0)
      diff-lcs (>= 1.2.0, < 2.0)
      rspec-support (~> 3.7.0)
    rspec-mocks (3.7.0)
      diff-lcs (>= 1.2.0, < 2.0)
      rspec-support (~> 3.7.0)
    rspec-puppet (2.6.9)
      rspec
    rspec-support (3.7.0)
    sem_ver (0.1.1)
    stringify-hash (0.0.2)
    text (1.3.1)
    thor (0.20.0)
    version (1.1.1)

PLATFORMS
  ruby
  x86_64-darwin-16

DEPENDENCIES
  puppet-magnum!
  rake (>= 12.3.0)
  sem_ver (>= 0.1.1)

BUNDLED WITH
   1.16.1
