PATH
  remote: .
  specs:
    puppet-magnum (3.1.1)
      bundler (>= 1.13.6)
      colorize (>= 0.8.1)
      puppet (~> 4.8.1)
      puppet-lint (~> 2.0.2)
      puppetlabs_spec_helper (~> 1.2.2)
      redcarpet (>= 3.3.4)
      rspec (~> 3.5.0)
      rspec-puppet (~> 2.5.0)
      thor (>= 0.19.1)
      version (>= 1.0.0)

GEM
  remote: https://rubygems.org/
  specs:
    CFPropertyList (2.2.8)
    colorize (0.8.1)
    diff-lcs (1.2.5)
    facter (2.4.6)
      CFPropertyList (~> 2.2.6)
    hiera (3.2.2)
    json_pure (1.8.3)
    metaclass (0.0.4)
    mocha (1.2.1)
      metaclass (~> 0.0.1)
    puppet (4.8.1)
      CFPropertyList (~> 2.2.6)
      facter (> 2.0, < 4)
      hiera (>= 2.0, < 4)
      json_pure (~> 1.8)
    puppet-lint (2.0.2)
    puppet-syntax (2.1.1)
      rake
    puppetlabs_spec_helper (1.2.2)
      mocha (~> 1.0)
      puppet-lint (~> 2.0)
      puppet-syntax (~> 2.0)
      rspec-puppet (~> 2.0)
    rake (11.3.0)
    redcarpet (3.3.4)
    rspec (3.5.0)
      rspec-core (~> 3.5.0)
      rspec-expectations (~> 3.5.0)
      rspec-mocks (~> 3.5.0)
    rspec-core (3.5.4)
      rspec-support (~> 3.5.0)
    rspec-expectations (3.5.0)
      diff-lcs (>= 1.2.0, < 2.0)
      rspec-support (~> 3.5.0)
    rspec-mocks (3.5.0)
      diff-lcs (>= 1.2.0, < 2.0)
      rspec-support (~> 3.5.0)
    rspec-puppet (2.5.0)
      rspec
    rspec-support (3.5.0)
    sem_ver (0.1.1)
    thor (0.19.1)
    version (1.0.0)

PLATFORMS
  ruby

DEPENDENCIES
  puppet-magnum!
  rake (>= 11.3.0)
  sem_ver (>= 0.1.1)

BUNDLED WITH
   1.13.6
